GEM
  remote: https://rubygems.org/
  specs:
    addressable (2.8.0)
      public_suffix (>= 2.0.2, < 5.0)
    capybara (2.2.0)
      mime-types (>= 1.16)
      nokogiri (>= 1.3.3)
      rack (>= 1.0.0)
      rack-test (>= 0.5.4)
      xpath (~> 2.0)
    capybara_minitest_spec (1.0.1)
      capybara (>= 2)
      minitest (>= 2)
    launchy (2.3.0)
      addressable (~> 2.3)
    mime-types (2.0)
    mini_portile (0.5.2)
    minitest (5.2.0)
    nokogiri (1.6.0)
      mini_portile (~> 0.5.0)
    public_suffix (3.1.1)
    rack (1.5.2)
    rack-test (0.6.2)
      rack (>= 1.0)
    timecop (0.7.1)
    xpath (2.0.0)
      nokogiri (~> 1.3)

PLATFORMS
  ruby

DEPENDENCIES
  capybara (~> 2.2.0)
  capybara_minitest_spec (~> 1.0.1)
  launchy (~> 2.3.0)
  rack (~> 1.5.2)
  timecop (~> 0.7.1)
